GIT
  remote: https://github.com/Shopify/liquid-c.git
  revision: a46872ed72dbf9246d9ac95bf2713fc26b01f9a9
  ref: a46872ed72dbf9246d9ac95bf2713fc26b01f9a9
  specs:
    liquid-c (4.0.0)
      liquid (>= 3.0.0)

GEM
  remote: https://rubygems.org/
  specs:
    addressable (2.8.1)
      public_suffix (>= 2.0.2, < 6.0)
    async (2.2.1)
      console (~> 1.10)
      io-event (~> 1.1.0)
      timers (~> 4.1)
    colorator (1.1.0)
    commonmarker (0.23.6)
    concurrent-ruby (1.1.10)
    console (1.16.2)
      fiber-local
    em-websocket (0.5.3)
      eventmachine (>= 0.12.9)
      http_parser.rb (~> 0)
    ethon (0.16.0)
      ffi (>= 1.15.0)
    eventmachine (1.2.7)
    ffi (1.15.5)
    fiber-local (1.0.0)
    forwardable-extended (2.6.0)
    html-proofer (5.0.2)
      addressable (~> 2.3)
      async (~> 2.1)
      nokogiri (~> 1.13)
      rainbow (~> 3.0)
      typhoeus (~> 1.3)
      yell (~> 2.0)
      zeitwerk (~> 2.5)
    htmlbeautifier (1.4.2)
    htmlcompressor (0.4.0)
    http_parser.rb (0.8.0)
    i18n (1.12.0)
      concurrent-ruby (~> 1.0)
    io-event (1.1.2)
    jekyll (4.3.1)
      addressable (~> 2.4)
      colorator (~> 1.0)
      em-websocket (~> 0.5)
      i18n (~> 1.0)
      jekyll-sass-converter (>= 2.0, < 4.0)
      jekyll-watch (~> 2.0)
      kramdown (~> 2.3, >= 2.3.1)
      kramdown-parser-gfm (~> 1.0)
      liquid (~> 4.0)
      mercenary (>= 0.3.6, < 0.5)
      pathutil (~> 0.9)
      rouge (>= 3.0, < 5.0)
      safe_yaml (~> 1.0)
      terminal-table (>= 1.8, < 4.0)
      webrick (~> 1.7)
    jekyll-commonmark (1.4.0)
      commonmarker (~> 0.22)
    jekyll-favicon (1.1.0)
      jekyll (>= 3.0, < 5.0)
      mini_magick (~> 4.11)
      rexml (~> 3.2, >= 3.2.5)
    jekyll-sass-converter (2.2.0)
      sassc (> 2.0.1, < 3.0)
    jekyll-seo-tag (2.8.0)
      jekyll (>= 3.8, < 5.0)
    jekyll-sitemap (1.4.0)
      jekyll (>= 3.7, < 5.0)
    jekyll-tidy (0.2.2)
      htmlbeautifier
      htmlcompressor
      jekyll
    jekyll-watch (2.2.1)
      listen (~> 3.0)
    kramdown (2.4.0)
      rexml
    kramdown-parser-gfm (1.1.0)
      kramdown (~> 2.0)
    liquid (4.0.3)
    listen (3.7.1)
      rb-fsevent (~> 0.10, >= 0.10.3)
      rb-inotify (~> 0.9, >= 0.9.10)
    mercenary (0.4.0)
    mini_magick (4.11.0)
    nokogiri (1.13.9-arm64-darwin)
      racc (~> 1.4)
    nokogiri (1.13.9-x86_64-linux)
      racc (~> 1.4)
    pathutil (0.16.2)
      forwardable-extended (~> 2.6)
    psych (4.0.6)
      stringio
    public_suffix (5.0.0)
    racc (1.6.0)
    rainbow (3.1.1)
    rake (13.0.6)
    rb-fsevent (0.11.2)
    rb-inotify (0.10.1)
      ffi (~> 1.0)
    rexml (3.2.5)
    rouge (4.0.0)
    safe_yaml (1.0.5)
    sassc (2.4.0)
      ffi (~> 1.9)
    stringio (3.0.2)
    terminal-table (3.0.2)
      unicode-display_width (>= 1.1.1, < 3)
    timers (4.3.5)
    typhoeus (1.4.0)
      ethon (>= 0.9.0)
    unicode-display_width (2.3.0)
    webrick (1.7.0)
    yell (2.2.2)
    zeitwerk (2.6.6)

PLATFORMS
  arm64-darwin-21
  arm64-darwin-22
  x86_64-linux

DEPENDENCIES
  html-proofer
  jekyll (= 4.3.1)
  jekyll-commonmark
  jekyll-favicon
  jekyll-seo-tag
  jekyll-sitemap
  jekyll-tidy
  liquid-c!
  psych
  rake

BUNDLED WITH
   2.3.11
