GIT
  remote: https://github.com/envygeeks/jekyll-assets.git
  revision: eaa0d9a51c778a95348a9d42e8379a766d556eec
  ref: eaa0d9a51c778a95348a9d42e8379a766d556eec
  specs:
    jekyll-assets (4.0.0.alpha)
      activesupport (~> 5.0)
      execjs (~> 2.7)
      extras (~> 0.2)
      fastimage (~> 2.0, >= 1.8)
      jekyll (>= 3.5, < 5.0)
      jekyll-sanity (~> 1.2)
      liquid-tag-parser (~> 1.0)
      nokogiri (~> 1.10)
      pathutil (~> 0.16)
      sassc (~> 1.11)
      sprockets (~> 4.0.beta7)

GIT
  remote: https://github.com/envygeeks/jekyll-sanity.git
  revision: 7096a6c3b236ffa3ad2a6a4233b0ff47a47d37aa
  ref: 7096a6c3b236ffa3ad2a6a4233b0ff47a47d37aa
  specs:
    jekyll-sanity (1.2.1)
      jekyll (>= 3.1, < 5.0)

GIT
  remote: https://github.com/jonchang/jekyll-favicon.git
  revision: 70ba5c431a80648b1170d8d282a86f4b1bf38118
  ref: 70ba5c431a80648b1170d8d282a86f4b1bf38118
  specs:
    jekyll-favicon (0.2.7)
      jekyll (>= 3.5, < 5.0)
      mini_magick (~> 4.5)

GEM
  remote: https://rubygems.org/
  specs:
    activesupport (5.2.3)
      concurrent-ruby (~> 1.0, >= 1.0.2)
      i18n (>= 0.7, < 2)
      minitest (~> 5.1)
      tzinfo (~> 1.1)
    addressable (2.7.0)
      public_suffix (>= 2.0.2, < 5.0)
    colorator (1.1.0)
    commonmarker (0.17.13)
      ruby-enum (~> 0.5)
    concurrent-ruby (1.1.5)
    em-websocket (0.5.1)
      eventmachine (>= 0.12.9)
      http_parser.rb (~> 0.6.0)
    ethon (0.12.0)
      ffi (>= 1.3.0)
    eventmachine (1.2.7)
    execjs (2.7.0)
    exifr (1.3.6)
    extras (0.3.0)
      forwardable-extended (~> 2.5)
    fastimage (2.1.5)
    ffi (1.9.25)
    forwardable-extended (2.6.0)
    fspath (3.1.2)
    html-proofer (3.15.1)
      addressable (~> 2.3)
      mercenary (~> 0.3)
      nokogumbo (~> 2.0)
      parallel (~> 1.3)
      rainbow (~> 3.0)
      typhoeus (~> 1.3)
      yell (~> 2.0)
    htmlbeautifier (1.3.1)
    htmlcompressor (0.4.0)
    http_parser.rb (0.6.0)
    i18n (1.7.0)
      concurrent-ruby (~> 1.0)
    image_optim (0.26.5)
      exifr (~> 1.2, >= 1.2.2)
      fspath (~> 3.0)
      image_size (>= 1.5, < 3)
      in_threads (~> 1.3)
      progress (~> 3.0, >= 3.0.1)
    image_optim_pack (0.6.0.20200215)
      fspath (>= 2.1, < 4)
      image_optim (~> 0.19)
    image_size (2.0.2)
    in_threads (1.5.4)
    jekyll (4.0.0.pre.beta1)
      addressable (~> 2.4)
      colorator (~> 1.0)
      em-websocket (~> 0.5)
      i18n (>= 0.9.5, < 2)
      jekyll-sass-converter (~> 1.0)
      jekyll-watch (~> 2.0)
      kramdown (~> 2.1)
      kramdown-parser-gfm (~> 1.0)
      liquid (~> 4.0)
      mercenary (~> 0.3.3)
      pathutil (~> 0.9)
      rouge (~> 3.0)
      safe_yaml (~> 1.0)
    jekyll-commonmark (1.3.1)
      commonmarker (~> 0.14)
      jekyll (>= 3.7, < 5.0)
    jekyll-commonmark-ghpages (0.1.6)
      commonmarker (~> 0.17.6)
      jekyll-commonmark (~> 1.2)
      rouge (>= 2.0, < 4.0)
    jekyll-compose (0.12.0)
      jekyll (>= 3.7, < 5.0)
    jekyll-sass-converter (1.5.2)
      sass (~> 3.4)
    jekyll-seo-tag (2.6.1)
      jekyll (>= 3.3, < 5.0)
    jekyll-sitemap (1.4.0)
      jekyll (>= 3.7, < 5.0)
    jekyll-tidy (0.2.2)
      htmlbeautifier
      htmlcompressor
      jekyll
    jekyll-watch (2.2.1)
      listen (~> 3.0)
    kramdown (2.1.0)
    kramdown-parser-gfm (1.1.0)
      kramdown (~> 2.0)
    liquid (4.0.3)
    liquid-c (4.0.0)
      liquid (>= 3.0.0)
    liquid-tag-parser (1.9.0)
      extras (~> 0.3)
      liquid (>= 3.0, < 5.0)
    listen (3.2.1)
      rb-fsevent (~> 0.10, >= 0.10.3)
      rb-inotify (~> 0.9, >= 0.9.10)
    mercenary (0.3.6)
    mini_magick (4.10.1)
    mini_portile2 (2.4.0)
    minitest (5.11.3)
    nokogiri (1.10.7)
      mini_portile2 (~> 2.4.0)
    nokogumbo (2.0.2)
      nokogiri (~> 1.8, >= 1.8.4)
    parallel (1.19.1)
    pathutil (0.16.2)
      forwardable-extended (~> 2.6)
    progress (3.5.2)
    public_suffix (4.0.3)
    rack (2.0.8)
    rainbow (3.0.0)
    rake (13.0.1)
    rb-fsevent (0.10.3)
    rb-inotify (0.10.1)
      ffi (~> 1.0)
    rouge (3.14.0)
    ruby-enum (0.7.2)
      i18n
    safe_yaml (1.0.5)
    sass (3.7.4)
      sass-listen (~> 4.0.0)
    sass-listen (4.0.0)
      rb-fsevent (~> 0.9, >= 0.9.4)
      rb-inotify (~> 0.9, >= 0.9.7)
    sassc (1.12.1)
      ffi (~> 1.9.6)
      sass (>= 3.3.0)
    sprockets (4.0.0.beta8)
      concurrent-ruby (~> 1.0)
      rack (> 1, < 3)
    thread_safe (0.3.6)
    typhoeus (1.3.1)
      ethon (>= 0.9.0)
    tzinfo (1.2.5)
      thread_safe (~> 0.1)
    uglifier (4.2.0)
      execjs (>= 0.3.0, < 3)
    yell (2.2.1)

PLATFORMS
  ruby

DEPENDENCIES
  html-proofer
  image_optim
  image_optim_pack
  jekyll (= 4.0.0.pre.beta1)
  jekyll-assets!
  jekyll-commonmark-ghpages
  jekyll-compose
  jekyll-favicon!
  jekyll-sanity!
  jekyll-seo-tag
  jekyll-sitemap
  jekyll-tidy
  liquid-c
  mini_magick
  rake
  uglifier

BUNDLED WITH
   2.0.1
